GEM
  remote: https://rubygems.org/
  specs:
    ffi (1.11.1)
    ffi (1.11.1-x64-mingw32)
    jekyll-watch (2.2.1)
      listen (~> 3.0)
    listen (3.1.5)
      rb-fsevent (~> 0.9, >= 0.9.4)
      rb-inotify (~> 0.9, >= 0.9.7)
      ruby_dep (~> 1.2)
    rb-fsevent (0.10.3)
    rb-inotify (0.10.0)
      ffi (~> 1.0)
    ruby_dep (1.5.0)
    wdm (0.1.1)

PLATFORMS
  ruby
  x64-mingw32

DEPENDENCIES
  jekyll-watch!
  wdm (~> 0.1.1)!

BUNDLED WITH
   2.0.2
